PATH
  remote: .
  specs:
    baseball (2.0.1)

GEM
  remote: https://rubygems.org/
  specs:
    rake (10.5.0)

PLATFORMS
  ruby

DEPENDENCIES
  baseball!
  bundler (~> 1.16)
  rake (~> 10.0)

BUNDLED WITH
   1.16.1
