PATH
  remote: .
  specs:
    baseball (1.3.0)

GEM
  remote: https://rubygems.org/
  specs:
    power_assert (1.1.1)
    rake (10.5.0)
    test-unit (3.2.7)
      power_assert

PLATFORMS
  ruby

DEPENDENCIES
  baseball!
  bundler (~> 1.16)
  rake (~> 10.0)
  test-unit

BUNDLED WITH
   1.16.1
